GEM
  remote: https://rubygems.org/
  specs:
    ZenTest (4.5.0)
    autotest-rails (4.2.1)
      ZenTest (~> 4.5)
    builder (3.2.3)
    capybara (1.1.4)
      mime-types (>= 1.16)
      nokogiri (>= 1.3.3)
      rack (>= 1.0.0)
      rack-test (>= 0.5.4)
      selenium-webdriver (~> 2.0)
      xpath (~> 0.1.4)
    childprocess (0.6.3)
      ffi (~> 1.0, >= 1.0.11)
    chronic (0.10.2)
    cucumber (1.1.0)
      builder (>= 2.1.2)
      diff-lcs (>= 1.1.2)
      gherkin (~> 2.5.0)
      json (>= 1.4.6)
      term-ansicolor (>= 1.0.6)
    cucumber-rails (1.1.1)
      capybara (>= 1.1.1)
      cucumber (>= 1.1.0)
      nokogiri (>= 1.5.0)
    culerity (0.2.15)
    daemons (1.2.4)
    database_cleaner (1.6.0)
    diff-lcs (1.3)
    eventmachine (1.2.3)
    faye-websocket (0.10.7)
      eventmachine (>= 0.12.0)
      websocket-driver (>= 0.5.1)
    ffi (1.9.18)
    gherkin (2.5.4)
      json (>= 1.4.6)
    hoe (3.16.0)
      rake (>= 0.8, < 13.0)
    holidays (1.0.8)
    http_parser.rb (0.5.3)
    icalendar (2.4.1)
    inifile (3.0.0)
    json (2.1.0)
    mime-types (3.1)
      mime-types-data (~> 3.2015)
    mime-types-data (3.2016.0521)
    mini_portile2 (2.1.0)
    multi_json (1.12.1)
    nokogiri (1.7.1)
      mini_portile2 (~> 2.1.0)
    open-uri-cached (0.0.5)
    pdf-core (0.7.0)
    poltergeist (0.6.0)
      capybara (~> 1.0)
      childprocess (~> 0.3)
      faye-websocket (~> 0.4, >= 0.4.4)
      http_parser.rb (~> 0.5.3)
      multi_json (~> 1.0)
    prawn (2.2.2)
      pdf-core (~> 0.7.0)
      ttfunk (~> 1.5)
    rack (2.0.1)
    rack-test (0.6.3)
      rack (>= 1.0)
    rake (12.0.0)
    rspec (1.3.1)
    rspec-rails (1.3.3)
      rack (>= 1.0.0)
      rspec (= 1.3.1)
    ruby-prof (0.16.2)
    rubyzip (1.2.1)
    selenium-webdriver (2.53.4)
      childprocess (~> 0.5)
      rubyzip (~> 1.0)
      websocket (~> 1.0)
    spork (0.9.2)
    term-ansicolor (1.6.0)
      tins (~> 1.0)
    test-unit (1.2.3)
      hoe (>= 1.5.1)
    thin (1.7.0)
      daemons (~> 1.0, >= 1.0.9)
      eventmachine (~> 1.0, >= 1.0.4)
      rack (>= 1, < 3)
    timecop (0.3.5)
    tins (1.13.2)
    ttfunk (1.5.1)
    websocket (1.2.4)
    websocket-driver (0.6.5)
      websocket-extensions (>= 0.1.0)
    websocket-extensions (0.1.2)
    xpath (0.1.4)
      nokogiri (~> 1.3)

PLATFORMS
  ruby

DEPENDENCIES
  ZenTest (= 4.5.0)
  autotest-rails
  capybara (~> 1)
  chronic
  cucumber
  cucumber-rails
  culerity
  database_cleaner
  gherkin
  holidays (~> 1.0.3)
  icalendar
  inifile
  json
  nokogiri
  open-uri-cached
  poltergeist
  prawn
  rspec
  rspec-rails
  ruby-prof
  spork
  test-unit (= 1.2.3)
  thin
  timecop (~> 0.3.5)
